GEM
  remote: https://rubygems.org/
  specs:
    ansi (1.5.0)
    ast (2.4.0)
    builder (3.2.3)
    coderay (1.1.2)
    jaro_winkler (1.5.3)
    m (1.5.1)
      method_source (>= 0.6.7)
      rake (>= 0.9.2.2)
    method_source (0.9.2)
    minitest (5.11.3)
    minitest-reporters (1.3.8)
      ansi
      builder
      minitest (>= 5.0)
      ruby-progressbar
    parallel (1.17.0)
    parser (2.6.4.1)
      ast (~> 2.4.0)
    pry (0.12.2)
      coderay (~> 1.1.0)
      method_source (~> 0.9.0)
    rainbow (3.0.0)
    rake (10.5.0)
    rubocop (0.72.0)
      jaro_winkler (~> 1.5.1)
      parallel (~> 1.10)
      parser (>= 2.6)
      rainbow (>= 2.2.2, < 4.0)
      ruby-progressbar (~> 1.7)
      unicode-display_width (>= 1.4.0, < 1.7)
    rubocop-performance (1.4.1)
      rubocop (>= 0.71.0)
    ruby-progressbar (1.10.1)
    standard (0.1.4)
      rubocop (~> 0.72.0)
      rubocop-performance (~> 1.4.0)
    standardrb (1.0.0)
      standard
    unicode-display_width (1.6.0)

PLATFORMS
  ruby

DEPENDENCIES
  bundler
  m
  minitest
  minitest-reporters
  pry
  rake
  standardrb

BUNDLED WITH
   1.17.3
